PATH
  remote: .
  specs:
    taiwan_districts_form_helper (0.0.1)

GEM
  remote: https://rubygems.org/
  specs:
    rake (12.3.3)

PLATFORMS
  arm64-darwin-21

DEPENDENCIES
  rake (~> 12.0)
  taiwan_districts_form_helper!

BUNDLED WITH
   2.3.0
